PATH
  remote: .
  specs:
    garofi (0.1.0)

GEM
  remote: https://rubygems.org/
  specs:
    minitest (5.14.4)
    rake (13.0.3)

PLATFORMS
  x86_64-darwin-20

DEPENDENCIES
  garofi!
  minitest
  rake

BUNDLED WITH
   2.2.3
